GEM
  remote: https://rubygems.org/
  specs:
    actioncable (7.2.2.2)
      actionpack (= 7.2.2.2)
      activesupport (= 7.2.2.2)
      nio4r (~> 2.0)
      websocket-driver (>= 0.6.1)
      zeitwerk (~> 2.6)
    actionmailbox (7.2.2.2)
      actionpack (= 7.2.2.2)
      activejob (= 7.2.2.2)
      activerecord (= 7.2.2.2)
      activestorage (= 7.2.2.2)
      activesupport (= 7.2.2.2)
      mail (>= 2.8.0)
    actionmailer (7.2.2.2)
      actionpack (= 7.2.2.2)
      actionview (= 7.2.2.2)
      activejob (= 7.2.2.2)
      activesupport (= 7.2.2.2)
      mail (>= 2.8.0)
      rails-dom-testing (~> 2.2)
    actionpack (7.2.2.2)
      actionview (= 7.2.2.2)
      activesupport (= 7.2.2.2)
      nokogiri (>= 1.8.5)
      racc
      rack (>= 2.2.4, < 3.2)
      rack-session (>= 1.0.1)
      rack-test (>= 0.6.3)
      rails-dom-testing (~> 2.2)
      rails-html-sanitizer (~> 1.6)
      useragent (~> 0.16)
    actiontext (7.2.2.2)
      actionpack (= 7.2.2.2)
      activerecord (= 7.2.2.2)
      activestorage (= 7.2.2.2)
      activesupport (= 7.2.2.2)
      globalid (>= 0.6.0)
      nokogiri (>= 1.8.5)
    actionview (7.2.2.2)
      activesupport (= 7.2.2.2)
      builder (~> 3.1)
      erubi (~> 1.11)
      rails-dom-testing (~> 2.2)
      rails-html-sanitizer (~> 1.6)
    activejob (7.2.2.2)
      activesupport (= 7.2.2.2)
      globalid (>= 0.3.6)
    activemodel (7.2.2.2)
      activesupport (= 7.2.2.2)
    activerecord (7.2.2.2)
      activemodel (= 7.2.2.2)
      activesupport (= 7.2.2.2)
      timeout (>= 0.4.0)
    activestorage (7.2.2.2)
      actionpack (= 7.2.2.2)
      activejob (= 7.2.2.2)
      activerecord (= 7.2.2.2)
      activesupport (= 7.2.2.2)
      marcel (~> 1.0)
    activesupport (7.2.2.2)
      base64
      benchmark (>= 0.3)
      bigdecimal
      concurrent-ruby (~> 1.0, >= 1.3.1)
      connection_pool (>= 2.2.5)
      drb
      i18n (>= 1.6, < 2)
      logger (>= 1.4.2)
      minitest (>= 5.1)
      securerandom (>= 0.3)
      tzinfo (~> 2.0, >= 2.0.5)
    acts_as_votable (0.14.0)
    addressable (2.8.7)
      public_suffix (>= 2.0.2, < 7.0)
    akami (1.3.3)
      base64
      gyoku (>= 0.4.0)
      nokogiri
    ast (2.4.3)
    base64 (0.3.0)
    bcrypt (3.1.20)
    benchmark (0.4.1)
    bigdecimal (3.2.2)
    bindex (0.8.1)
    bootsnap (1.18.6)
      msgpack (~> 1.2)
    brakeman (7.0.2)
      racc
    builder (3.3.0)
    bundle-audit (0.1.0)
      bundler-audit
    bundler-audit (0.9.2)
      bundler (>= 1.2.0, < 3)
      thor (~> 1.0)
    capybara (3.40.0)
      addressable
      matrix
      mini_mime (>= 0.1.3)
      nokogiri (~> 1.11)
      rack (>= 1.6.0)
      rack-test (>= 0.6.3)
      regexp_parser (>= 1.5, < 3.0)
      xpath (~> 3.2)
    concurrent-ruby (1.3.5)
    connection_pool (2.5.3)
    crass (1.0.6)
    csv (3.3.5)
    daemons (1.4.1)
    date (3.4.1)
    debug (1.11.0)
      irb (~> 1.10)
      reline (>= 0.3.8)
    declarative (0.0.20)
    delayed_job (4.1.13)
      activesupport (>= 3.0, < 9.0)
    delayed_job_active_record (4.1.11)
      activerecord (>= 3.0, < 9.0)
      delayed_job (>= 3.0, < 5)
    diff-lcs (1.6.2)
    docile (1.4.1)
    dotenv (3.1.8)
    dotenv-rails (3.1.8)
      dotenv (= 3.1.8)
      railties (>= 6.1)
    drb (2.2.3)
    erb (5.0.1)
    erubi (1.13.1)
    event_emitter (0.2.6)
    factory_bot (6.5.4)
      activesupport (>= 6.1.0)
    factory_bot_rails (6.5.0)
      factory_bot (~> 6.5)
      railties (>= 6.1.0)
    faker (3.5.2)
      i18n (>= 1.8.11, < 2)
    faraday (2.13.2)
      faraday-net_http (>= 2.0, < 3.5)
      json
      logger
    faraday-follow_redirects (0.3.0)
      faraday (>= 1, < 3)
    faraday-mashify (1.0.0)
      faraday (~> 2.0)
      hashie
    faraday-multipart (1.1.1)
      multipart-post (~> 2.0)
    faraday-net_http (3.4.1)
      net-http (>= 0.5.0)
    gems (1.3.0)
    gli (2.22.2)
      ostruct
    globalid (1.2.1)
      activesupport (>= 6.1)
    google-api-client (0.53.0)
      google-apis-core (~> 0.1)
      google-apis-generator (~> 0.1)
    google-apis-core (0.18.0)
      addressable (~> 2.5, >= 2.5.1)
      googleauth (~> 1.9)
      httpclient (>= 2.8.3, < 3.a)
      mini_mime (~> 1.0)
      mutex_m
      representable (~> 3.0)
      retriable (>= 2.0, < 4.a)
    google-apis-discovery_v1 (0.20.0)
      google-apis-core (>= 0.15.0, < 2.a)
    google-apis-generator (0.18.0)
      activesupport (>= 5.0)
      gems (~> 1.2)
      google-apis-core (>= 0.15.0, < 2.a)
      google-apis-discovery_v1 (~> 0.18)
      thor (>= 0.20, < 2.a)
    google-cloud-env (2.3.1)
      base64 (~> 0.2)
      faraday (>= 1.0, < 3.a)
    google-logging-utils (0.2.0)
    googleauth (1.14.0)
      faraday (>= 1.0, < 3.a)
      google-cloud-env (~> 2.2)
      google-logging-utils (~> 0.1)
      jwt (>= 1.4, < 3.0)
      multi_json (~> 1.11)
      os (>= 0.9, < 2.0)
      signet (>= 0.16, < 2.a)
    gyoku (1.4.0)
      builder (>= 2.1.2)
      rexml (~> 3.0)
    hashie (5.0.0)
    httparty (0.23.1)
      csv
      mini_mime (>= 1.0.0)
      multi_xml (>= 0.5.2)
    httpclient (2.9.0)
      mutex_m
    httpi (4.0.4)
      base64
      mutex_m
      nkf
      rack (>= 2.0, < 4)
    i18n (1.14.7)
      concurrent-ruby (~> 1.0)
    importmap-rails (2.1.0)
      actionpack (>= 6.0.0)
      activesupport (>= 6.0.0)
      railties (>= 6.0.0)
    io-console (0.8.0)
    irb (1.15.2)
      pp (>= 0.6.0)
      rdoc (>= 4.0.0)
      reline (>= 0.4.2)
    jbuilder (2.13.0)
      actionview (>= 5.0.0)
      activesupport (>= 5.0.0)
    json (2.12.2)
    jwt (2.10.2)
      base64
    kaminari (1.2.2)
      activesupport (>= 4.1.0)
      kaminari-actionview (= 1.2.2)
      kaminari-activerecord (= 1.2.2)
      kaminari-core (= 1.2.2)
    kaminari-actionview (1.2.2)
      actionview
      kaminari-core (= 1.2.2)
    kaminari-activerecord (1.2.2)
      activerecord
      kaminari-core (= 1.2.2)
    kaminari-core (1.2.2)
    language_server-protocol (3.17.0.5)
    lint_roller (1.1.0)
    logger (1.7.0)
    loofah (2.24.1)
      crass (~> 1.0.2)
      nokogiri (>= 1.12.0)
    mail (2.8.1)
      mini_mime (>= 0.1.1)
      net-imap
      net-pop
      net-smtp
    marcel (1.0.4)
    matrix (0.4.3)
    mini_mime (1.1.5)
    minitest (5.25.5)
    msgpack (1.8.0)
    multi_json (1.16.0)
    multi_xml (0.7.2)
      bigdecimal (~> 3.1)
    multipart-post (2.4.1)
    mutex_m (0.3.0)
    neighbor (0.6.0)
      activerecord (>= 7.1)
    net-http (0.6.0)
      uri
    net-imap (0.5.9)
      date
      net-protocol
    net-pop (0.1.2)
      net-protocol
    net-protocol (0.2.2)
      timeout
    net-smtp (0.5.1)
      net-protocol
    nio4r (2.7.4)
    nkf (0.2.0)
    nokogiri (1.18.9-arm64-darwin)
      racc (~> 1.4)
    nokogiri (1.18.9-x86_64-darwin)
      racc (~> 1.4)
    nokogiri (1.18.9-x86_64-linux-gnu)
      racc (~> 1.4)
    nori (2.7.1)
      bigdecimal
    oauth2 (2.0.12)
      faraday (>= 0.17.3, < 4.0)
      jwt (>= 1.0, < 4.0)
      logger (~> 1.2)
      multi_xml (~> 0.5)
      rack (>= 1.2, < 4)
      snaky_hash (~> 2.0, >= 2.0.3)
      version_gem (>= 1.1.8, < 3)
    omniauth (2.1.3)
      hashie (>= 3.4.6)
      rack (>= 2.2.3)
      rack-protection
    omniauth-google-oauth2 (1.2.1)
      jwt (>= 2.9.2)
      oauth2 (~> 2.0)
      omniauth (~> 2.0)
      omniauth-oauth2 (~> 1.8)
    omniauth-oauth2 (1.8.0)
      oauth2 (>= 1.4, < 3)
      omniauth (~> 2.0)
    optparse (0.6.0)
    os (1.1.4)
    ostruct (0.6.2)
    pager_duty-connection (3.1.0)
      activesupport (>= 3.2, < 9.0)
      faraday (>= 1.10, < 3)
      hashie (>= 1.2)
    parallel (1.27.0)
    parser (3.3.8.0)
      ast (~> 2.4.1)
      racc
    pg (1.5.9)
    pg_search (2.3.7)
      activerecord (>= 6.1)
      activesupport (>= 6.1)
    pgvector (0.3.2)
    pp (0.6.2)
      prettyprint
    prettyprint (0.2.0)
    prism (1.4.0)
    psych (5.2.6)
      date
      stringio
    public_suffix (6.0.2)
    puma (6.6.0)
      nio4r (~> 2.0)
    pundit (2.5.0)
      activesupport (>= 3.0.0)
    racc (1.8.1)
    rack (3.1.18)
    rack-protection (4.1.1)
      base64 (>= 0.1.0)
      logger (>= 1.6.0)
      rack (>= 3.0.0, < 4)
    rack-session (2.1.1)
      base64 (>= 0.1.0)
      rack (>= 3.0.0)
    rack-test (2.2.0)
      rack (>= 1.3)
    rackup (2.2.1)
      rack (>= 3)
    rails (7.2.2.2)
      actioncable (= 7.2.2.2)
      actionmailbox (= 7.2.2.2)
      actionmailer (= 7.2.2.2)
      actionpack (= 7.2.2.2)
      actiontext (= 7.2.2.2)
      actionview (= 7.2.2.2)
      activejob (= 7.2.2.2)
      activemodel (= 7.2.2.2)
      activerecord (= 7.2.2.2)
      activestorage (= 7.2.2.2)
      activesupport (= 7.2.2.2)
      bundler (>= 1.15.0)
      railties (= 7.2.2.2)
    rails-controller-testing (1.0.5)
      actionpack (>= 5.0.1.rc1)
      actionview (>= 5.0.1.rc1)
      activesupport (>= 5.0.1.rc1)
    rails-dom-testing (2.3.0)
      activesupport (>= 5.0.0)
      minitest
      nokogiri (>= 1.6)
    rails-html-sanitizer (1.6.2)
      loofah (~> 2.21)
      nokogiri (>= 1.15.7, != 1.16.7, != 1.16.6, != 1.16.5, != 1.16.4, != 1.16.3, != 1.16.2, != 1.16.1, != 1.16.0.rc1, != 1.16.0)
    railties (7.2.2.2)
      actionpack (= 7.2.2.2)
      activesupport (= 7.2.2.2)
      irb (~> 1.13)
      rackup (>= 1.0.0)
      rake (>= 12.2)
      thor (~> 1.0, >= 1.2.2)
      zeitwerk (~> 2.6)
    rainbow (3.1.1)
    rake (13.3.0)
    rdoc (6.14.2)
      erb
      psych (>= 4.0.0)
    redcarpet (3.6.1)
    redis (4.8.1)
    regexp_parser (2.10.0)
    reline (0.6.1)
      io-console (~> 0.5)
    representable (3.2.0)
      declarative (< 0.1.0)
      trailblazer-option (>= 0.1.1, < 0.2.0)
      uber (< 0.2.0)
    restforce (8.0.0)
      faraday (>= 1.1.0, < 3.0.0)
      faraday-follow_redirects (<= 0.3.0, < 1.0.0)
      faraday-multipart (>= 1.0.0, < 2.0.0)
      faraday-net_http (< 4.0.0)
      hashie (>= 1.2.0, < 6.0)
      jwt (>= 1.5.6)
    retriable (3.1.2)
    reverse_markdown (3.0.0)
      nokogiri
    rexml (3.4.2)
    rspec-core (3.13.5)
      rspec-support (~> 3.13.0)
    rspec-expectations (3.13.5)
      diff-lcs (>= 1.2.0, < 2.0)
      rspec-support (~> 3.13.0)
    rspec-mocks (3.13.5)
      diff-lcs (>= 1.2.0, < 2.0)
      rspec-support (~> 3.13.0)
    rspec-rails (6.1.5)
      actionpack (>= 6.1)
      activesupport (>= 6.1)
      railties (>= 6.1)
      rspec-core (~> 3.13)
      rspec-expectations (~> 3.13)
      rspec-mocks (~> 3.13)
      rspec-support (~> 3.13)
    rspec-support (3.13.4)
    rubocop (1.78.0)
      json (~> 2.3)
      language_server-protocol (~> 3.17.0.2)
      lint_roller (~> 1.1.0)
      parallel (~> 1.10)
      parser (>= 3.3.0.2)
      rainbow (>= 2.2.2, < 4.0)
      regexp_parser (>= 2.9.3, < 3.0)
      rubocop-ast (>= 1.45.1, < 2.0)
      ruby-progressbar (~> 1.7)
      unicode-display_width (>= 2.4.0, < 4.0)
    rubocop-ast (1.45.1)
      parser (>= 3.3.7.2)
      prism (~> 1.4)
    ruby-progressbar (1.13.0)
    ruby-saml (1.18.1)
      nokogiri (>= 1.13.10)
      rexml
    rubyzip (2.4.1)
    savon (2.15.1)
      akami (~> 1.2)
      builder (>= 2.1.2)
      gyoku (~> 1.2)
      httpi (>= 4, < 5)
      mail (~> 2.5)
      nokogiri (>= 1.8.1)
      nori (~> 2.4)
      wasabi (>= 3.7, < 6)
    securerandom (0.4.1)
    selenium-webdriver (4.10.0)
      rexml (~> 3.2, >= 3.2.5)
      rubyzip (>= 1.2.2, < 3.0)
      websocket (~> 1.0)
    shoulda-matchers (4.5.1)
      activesupport (>= 4.2.0)
    signet (0.20.0)
      addressable (~> 2.8)
      faraday (>= 0.17.5, < 3.a)
      jwt (>= 1.5, < 3.0)
      multi_json (~> 1.10)
    simplecov (0.22.0)
      docile (~> 1.1)
      simplecov-html (~> 0.11)
      simplecov_json_formatter (~> 0.1)
    simplecov-html (0.13.1)
    simplecov_json_formatter (0.1.4)
    slack-ruby-client (2.6.0)
      faraday (>= 2.0)
      faraday-mashify
      faraday-multipart
      gli
      hashie
      logger
    snaky_hash (2.0.3)
      hashie (>= 0.1.0, < 6)
      version_gem (>= 1.1.8, < 3)
    sprockets (4.2.2)
      concurrent-ruby (~> 1.0)
      logger
      rack (>= 2.2.4, < 4)
    sprockets-rails (3.5.2)
      actionpack (>= 6.1)
      activesupport (>= 6.1)
      sprockets (>= 3.0.0)
    stimulus-rails (1.3.4)
      railties (>= 6.0.0)
    stringio (3.1.7)
    tailwindcss-rails (2.7.9-arm64-darwin)
      railties (>= 7.0.0)
    tailwindcss-rails (2.7.9-x86_64-darwin)
      railties (>= 7.0.0)
    tailwindcss-rails (2.7.9-x86_64-linux)
      railties (>= 7.0.0)
    thor (1.4.0)
    tiktoken_ruby (0.0.11.1-arm64-darwin)
    tiktoken_ruby (0.0.11.1-x86_64-darwin)
    tiktoken_ruby (0.0.11.1-x86_64-linux)
    timeout (0.4.3)
    trailblazer-option (0.1.2)
    turbo-rails (2.0.16)
      actionpack (>= 7.1.0)
      railties (>= 7.1.0)
    tzinfo (2.0.6)
      concurrent-ruby (~> 1.0)
    uber (0.1.0)
    unicode-display_width (3.1.4)
      unicode-emoji (~> 4.0, >= 4.0.4)
    unicode-emoji (4.0.4)
    uri (1.0.4)
    useragent (0.16.11)
    version_gem (1.1.8)
    wasabi (5.1.0)
      addressable
      faraday (>= 1.9, < 3)
      nokogiri (>= 1.13.9)
    web-console (4.2.1)
      actionview (>= 6.0.0)
      activemodel (>= 6.0.0)
      bindex (>= 0.4.0)
      railties (>= 6.0.0)
    webdrivers (5.3.1)
      nokogiri (~> 1.6)
      rubyzip (>= 1.3.0)
      selenium-webdriver (~> 4.0, < 4.11)
    websocket (1.2.11)
    websocket-client-simple (0.9.0)
      base64
      event_emitter
      mutex_m
      websocket
    websocket-driver (0.8.0)
      base64
      websocket-extensions (>= 0.1.0)
    websocket-extensions (0.1.5)
    xpath (3.2.0)
      nokogiri (~> 1.8)
    zeitwerk (2.7.3)

PLATFORMS
  arm64-darwin-22
  arm64-darwin-23
  arm64-darwin-24
  x86_64-darwin-22
  x86_64-linux

DEPENDENCIES
  acts_as_votable
  bcrypt (~> 3.1.7)
  bootsnap
  brakeman
  bundle-audit
  capybara
  daemons
  debug
  delayed_job_active_record
  dotenv-rails
  factory_bot_rails
  faker
  google-api-client
  googleauth
  httparty
  importmap-rails
  jbuilder
  kaminari
  neighbor
  omniauth-google-oauth2
  optparse
  pager_duty-connection
  pg (~> 1.1)
  pg_search
  pgvector
  puma (~> 6.4)
  pundit (~> 2.3)
  rails (~> 7.2.0)
  rails-controller-testing
  redcarpet
  redis (~> 4.0)
  restforce
  reverse_markdown
  rspec-rails (~> 6.1)
  rubocop
  ruby-saml
  savon
  selenium-webdriver
  shoulda-matchers (~> 4.0)
  simplecov
  slack-ruby-client
  sprockets-rails
  stimulus-rails
  tailwindcss-rails (~> 2.0)
  tiktoken_ruby
  turbo-rails
  tzinfo-data
  uri (>= 1.0.4)
  web-console
  webdrivers
  websocket-client-simple

RUBY VERSION
   ruby 3.2.2p53

BUNDLED WITH
   2.4.13
